GEM
  remote: https://rubygems.org/
  specs:
    activesupport (3.2.14)
      i18n (~> 0.6, >= 0.6.4)
      multi_json (~> 1.0)
    i18n (0.6.5)
    multi_json (1.7.9)

PLATFORMS
  ruby

DEPENDENCIES
  activesupport (~> 3.2.13)
